PATH
  remote: .
  specs:
    astpr (0.1)
      parser (~> 3.2.2.0)

GEM
  remote: https://rubygems.org/
  specs:
    ast (2.4.2)
    minitest (5.18.0)
    parser (3.2.2.0)
      ast (~> 2.4.1)

PLATFORMS
  x86_64-linux

DEPENDENCIES
  astpr!
  minitest (~> 5.18)

BUNDLED WITH
   2.4.1
